GIT
  remote: git://github.com/nathany/nesta.git
  revision: 3ac6a7678de38462f3ef6f714abf535a006f4042
  branch: fork
  specs:
    nesta (0.9.13)
      haml (> 3.1)
      rack (~> 1.3)
      sass (~> 3.1)
      sinatra (~> 1.3)

GEM
  remote: http://rubygems.org/
  specs:
    foreman (0.62.0)
      thor (>= 0.13.6)
    gravatarify (3.1.0)
    haml (4.0.0)
      tilt
    kgio (2.8.0)
    rack (1.5.2)
    rack-protection (1.4.0)
      rack
    rack-rewrite (1.3.3)
    rack-test (0.6.2)
      rack (>= 1.0)
    racksh (1.0.0)
      rack (>= 1.0)
      rack-test (>= 0.5)
    raindrops (0.10.0)
    redcarpet (2.2.2)
    rouge (0.3.0)
      thor
    sass (3.2.7)
    shotgun (0.9)
      rack (>= 1.0)
    sinatra (1.3.5)
      rack (~> 1.4)
      rack-protection (~> 1.3)
      tilt (~> 1.3, >= 1.3.3)
    thor (0.17.0)
    tilt (1.3.4)
    unicorn (4.6.2)
      kgio (~> 2.6)
      rack
      raindrops (~> 0.7)

PLATFORMS
  ruby

DEPENDENCIES
  foreman
  gravatarify
  nesta!
  rack-rewrite
  racksh
  redcarpet
  rouge
  shotgun
  unicorn
