GEM
  remote: http://rubygems.org/
  specs:
    RedCloth (4.2.9)
    foreman (0.62.0)
      thor (>= 0.13.6)
    gravatarify (3.1.0)
    haml (3.1.8)
    kgio (2.8.0)
    nesta (0.9.13)
      RedCloth (~> 4.2)
      haml (~> 3.1)
      rack (~> 1.1)
      rdiscount (~> 1.6)
      sass (~> 3.1)
      shotgun (>= 0.8)
      sinatra (~> 1.3)
    rack (1.5.2)
    rack-protection (1.5.0)
      rack
    rack-rewrite (1.3.3)
    rack-test (0.6.2)
      rack (>= 1.0)
    racksh (1.0.0)
      rack (>= 1.0)
      rack-test (>= 0.5)
    raindrops (0.10.0)
    rdiscount (1.6.8)
    redcarpet (2.2.2)
    rouge (0.3.0)
      thor
    sass (3.2.10)
    shotgun (0.9)
      rack (>= 1.0)
    sinatra (1.4.3)
      rack (~> 1.4)
      rack-protection (~> 1.4)
      tilt (~> 1.3, >= 1.3.4)
    thor (0.17.0)
    tilt (1.4.1)
    unicorn (4.6.2)
      kgio (~> 2.6)
      rack
      raindrops (~> 0.7)

PLATFORMS
  ruby

DEPENDENCIES
  foreman
  gravatarify
  nesta
  rack-rewrite
  racksh
  redcarpet
  rouge
  shotgun
  unicorn
