GIT
  remote: git://github.com/akzhan/pygments.rb.git
  revision: dfa0d936da40f25e249a7d20f895e6d4cab72b50
  branch: rubypython-0.6
  specs:
    pygments.rb (0.2.12)
      rubypython (~> 0.6.1)

GEM
  remote: http://rubygems.org/
  specs:
    RedCloth (4.2.9)
    blankslate (3.1.2)
    daemons (1.1.9)
    eventmachine (0.12.10)
    ffi (1.0.11)
    foreman (0.57.0)
      thor (>= 0.13.6)
    haml (3.1.7)
    nesta (0.9.13)
      RedCloth (~> 4.2)
      haml (~> 3.1)
      rack (~> 1.1)
      rdiscount (~> 1.6)
      sass (~> 3.1)
      shotgun (>= 0.8)
      sinatra (~> 1.3)
    rack (1.4.1)
    rack-protection (1.2.0)
      rack
    rack-rewrite (1.2.1)
    rdiscount (1.6.8)
    redcarpet (2.1.1)
    rubypython (0.6.2)
      blankslate (>= 2.1.2.3)
      ffi (~> 1.0.7)
    sass (3.2.1)
    shotgun (0.9)
      rack (>= 1.0)
    sinatra (1.3.3)
      rack (~> 1.3, >= 1.3.6)
      rack-protection (~> 1.2)
      tilt (~> 1.3, >= 1.3.3)
    thin (1.4.1)
      daemons (>= 1.0.9)
      eventmachine (>= 0.12.6)
      rack (>= 1.0.0)
    thor (0.15.4)
    tilt (1.3.3)

PLATFORMS
  ruby

DEPENDENCIES
  foreman
  nesta
  pygments.rb!
  rack-rewrite
  redcarpet
  thin
