GIT
  remote: git://github.com/rubychan/coderay.git
  revision: 0392439f9aaa5dde7734743ab5a88193257ec722
  branch: lua-scanner
  specs:
    coderay (1.0.8.rc1)

GEM
  remote: http://rubygems.org/
  specs:
    RedCloth (4.2.9)
    daemons (1.1.9)
    eventmachine (0.12.10)
    foreman (0.57.0)
      thor (>= 0.13.6)
    gravatarify (3.0.0)
    haml (3.1.7)
    nesta (0.9.13)
      RedCloth (~> 4.2)
      haml (~> 3.1)
      rack (~> 1.1)
      rdiscount (~> 1.6)
      sass (~> 3.1)
      shotgun (>= 0.8)
      sinatra (~> 1.3)
    rack (1.4.1)
    rack-protection (1.2.0)
      rack
    rack-rewrite (1.2.1)
    rdiscount (1.6.8)
    redcarpet (2.1.1)
    sass (3.2.1)
    shotgun (0.9)
      rack (>= 1.0)
    sinatra (1.3.3)
      rack (~> 1.3, >= 1.3.6)
      rack-protection (~> 1.2)
      tilt (~> 1.3, >= 1.3.3)
    thin (1.4.1)
      daemons (>= 1.0.9)
      eventmachine (>= 0.12.6)
      rack (>= 1.0.0)
    thor (0.15.4)
    tilt (1.3.3)

PLATFORMS
  ruby

DEPENDENCIES
  coderay!
  foreman
  gravatarify (~> 3.0.0)
  nesta
  rack-rewrite
  redcarpet
  thin
