GIT
  remote: git://github.com/nathany/nesta.git
  revision: 3ac6a7678de38462f3ef6f714abf535a006f4042
  branch: fork
  specs:
    nesta (0.9.13)
      haml (> 3.1)
      rack (~> 1.3)
      sass (~> 3.1)
      sinatra (~> 1.3)

GIT
  remote: git://github.com/rubychan/coderay.git
  revision: 0392439f9aaa5dde7734743ab5a88193257ec722
  branch: lua-scanner
  specs:
    coderay (1.0.8.rc1)

GEM
  remote: http://rubygems.org/
  specs:
    foreman (0.61.0)
      thor (>= 0.13.6)
    gravatarify (3.1.0)
    haml (4.0.0)
      tilt
    kgio (2.8.0)
    rack (1.5.2)
    rack-protection (1.4.0)
      rack
    rack-rewrite (1.3.3)
    raindrops (0.10.0)
    redcarpet (2.2.2)
    sass (3.2.6)
    sinatra (1.3.5)
      rack (~> 1.4)
      rack-protection (~> 1.3)
      tilt (~> 1.3, >= 1.3.3)
    thor (0.17.0)
    tilt (1.3.4)
    unicorn (4.6.2)
      kgio (~> 2.6)
      rack
      raindrops (~> 0.7)

PLATFORMS
  ruby

DEPENDENCIES
  coderay!
  foreman
  gravatarify
  nesta!
  rack-rewrite
  redcarpet
  unicorn
